GIT
  remote: https://github.com/rails/thor
  revision: 13be829e9a4ad1ac2be0322c931454415b0691e0
  tag: v1.2.1
  specs:
    thor (1.2.1)

PATH
  remote: pathed-gem-fixture
  specs:
    pathed-gem-fixture (0.0.1)

GEM
  remote: https://rubygems.org/
  specs:
    aws-eventstream (1.2.0)
    aws-partitions (1.619.0)
    aws-sdk-core (3.39.0)
      aws-eventstream (~> 1.0)
      aws-partitions (~> 1.0)
      aws-sigv4 (~> 1.0)
      jmespath (~> 1.0)
    aws-sigv4 (1.5.1)
      aws-eventstream (~> 1, >= 1.0.2)
    concurrent-ruby (1.1.10)
    crass (1.0.6)
    i18n (1.0.1)
      concurrent-ruby (~> 1.0)
    jmespath (1.6.1)
    json (2.1.0)
    loofah (2.18.0)
      crass (~> 1.0.2)
      nokogiri (>= 1.5.9)
    mini_portile2 (2.8.0)
    minitest (5.11.3)
    nokogiri (1.13.8)
      mini_portile2 (~> 2.8.0)
      racc (~> 1.4)
    racc (1.6.0)
    semantic (1.6.0)
    thread_safe (0.3.6)
    tzinfo (1.2.5)
      thread_safe (~> 0.1)

PLATFORMS
  ruby

DEPENDENCIES
  aws-sdk-core (= 3.39.0)
  bundler
  i18n (= 1.0.1)
  json (= 2.1.0)
  loofah (= 2.18.0)
  minitest (= 5.11.3)
  pathed-gem-fixture!
  semantic (= 1.6.0)
  thor!
  tzinfo (= 1.2.5)

BUNDLED WITH
   2.3.20
